GEM
  remote: https://rubygems.org/
  specs:
    pg (1.5.4)
    sinatra (3.0.6)
      rack (~> 2.3)
    sinatra-activerecord (2.1.0)
      activerecord (>= 6.1)
      sinatra (>= 2.0)

PLATFORMS
  ruby

DEPENDENCIES
  pg
  sinatra
  sinatra-activerecord

BUNDLED WITH
   2.4.19
